GEM
  remote: https://rubygems.org/
  specs:
    ast (2.4.0)
    axiom-types (0.1.1)
      descendants_tracker (~> 0.0.4)
      ice_nine (~> 0.11.0)
      thread_safe (~> 0.3, >= 0.3.1)
    childprocess (0.6.3)
      ffi (~> 1.0, >= 1.0.11)
    coercible (1.0.0)
      descendants_tracker (~> 0.0.1)
    descendants_tracker (0.0.4)
      thread_safe (~> 0.3, >= 0.3.1)
    diff-lcs (1.3)
    equalizer (0.0.11)
    faraday (0.12.1)
      multipart-post (>= 1.2, < 3)
    ffi (1.9.18)
    hiredis (0.6.1)
    ice_nine (0.11.2)
    iniparse (1.4.2)
    jaro_winkler (1.5.3)
    multipart-post (2.0.0)
    overcommit (0.39.1)
      childprocess (~> 0.6.3)
      iniparse (~> 1.4)
    parallel (1.17.0)
    parser (2.6.3.0)
      ast (~> 2.4.0)
    rack (1.6.5)
    rack-protection (1.5.3)
      rack
    rack-test (0.6.3)
      rack (>= 1.0)
    rainbow (3.0.0)
    redis (3.3.3)
    redis-queue (0.0.4)
      hiredis (~> 0.5, >= 0.5.2)
      redis (~> 3.0, >= 3.0.4)
    rspec (3.5.0)
      rspec-core (~> 3.5.0)
      rspec-expectations (~> 3.5.0)
      rspec-mocks (~> 3.5.0)
    rspec-core (3.5.4)
      rspec-support (~> 3.5.0)
    rspec-expectations (3.5.0)
      diff-lcs (>= 1.2.0, < 2.0)
      rspec-support (~> 3.5.0)
    rspec-mocks (3.5.0)
      diff-lcs (>= 1.2.0, < 2.0)
      rspec-support (~> 3.5.0)
    rspec-support (3.5.0)
    rubocop (0.71.0)
      jaro_winkler (~> 1.5.1)
      parallel (~> 1.10)
      parser (>= 2.6)
      rainbow (>= 2.2.2, < 4.0)
      ruby-progressbar (~> 1.7)
      unicode-display_width (>= 1.4.0, < 1.7)
    ruby-progressbar (1.10.1)
    sinatra (1.4.8)
      rack (~> 1.5)
      rack-protection (~> 1.4)
      tilt (>= 1.3, < 3)
    telegram-bot-ruby (0.7.2)
      faraday
      virtus
    thread_safe (0.3.6)
    tilt (2.0.7)
    unicode-display_width (1.6.0)
    virtus (1.0.5)
      axiom-types (~> 0.1)
      coercible (~> 1.0)
      descendants_tracker (~> 0.0, >= 0.0.3)
      equalizer (~> 0.0, >= 0.0.9)

PLATFORMS
  ruby

DEPENDENCIES
  overcommit
  rack-test
  redis-queue
  rspec
  rubocop
  sinatra
  telegram-bot-ruby

RUBY VERSION
   ruby 2.4.1p111

BUNDLED WITH
   1.14.6
